PATH
  remote: .
  specs:
    dxopal (1.5.2)
      rack (~> 2.0)
      thor (~> 0.20)

GEM
  remote: https://rubygems.org/
  specs:
    ast (2.4.2)
    concurrent-ruby (1.1.10)
    nio4r (2.5.8)
    opal (1.5.0)
      ast (>= 2.3.0)
      parser (~> 3.0, >= 3.0.3.2)
    opal-sprockets (1.0.3)
      opal (>= 1.0, < 2.0)
      sprockets (~> 4.0)
      tilt (>= 1.4)
    parser (3.1.2.0)
      ast (~> 2.4.1)
    puma (5.6.4)
      nio4r (~> 2.0)
    rack (2.2.3)
    rake (13.0.6)
    sprockets (4.0.3)
      concurrent-ruby (~> 1.0)
      rack (> 1, < 3)
    thor (0.20.3)
    tilt (2.0.10)
    webrick (1.7.0)
    yard (0.9.27)
      webrick (~> 1.7.0)

PLATFORMS
  ruby

DEPENDENCIES
  dxopal!
  opal
  opal-sprockets
  puma
  rake
  yard

BUNDLED WITH
   2.3.13
