PATH
  remote: .
  specs:
    dxopal (1.6.0)
      rack (~> 2.0)
      thor (~> 0.20)

GEM
  remote: https://rubygems.org/
  specs:
    ast (2.4.2)
    concurrent-ruby (1.3.3)
    nio4r (2.7.3)
    opal (1.8.2)
      ast (>= 2.3.0)
      parser (~> 3.0, >= 3.0.3.2)
    opal-sprockets (1.0.3)
      opal (>= 1.0, < 2.0)
      sprockets (~> 4.0)
      tilt (>= 1.4)
    parser (3.3.3.0)
      ast (~> 2.4.1)
      racc
    puma (6.4.2)
      nio4r (~> 2.0)
    racc (1.8.0)
    rack (2.2.9)
    rake (13.2.1)
    sprockets (4.2.1)
      concurrent-ruby (~> 1.0)
      rack (>= 2.2.4, < 4)
    thor (0.20.3)
    tilt (2.3.0)
    yard (0.9.36)

PLATFORMS
  arm64-darwin-21

DEPENDENCIES
  dxopal!
  opal
  opal-sprockets
  puma
  rake
  yard

BUNDLED WITH
   2.4.13
